GEM
  remote: http://rubygems.org/
  remote: http://rubygems.org/
  specs:
    minitest (2.6.1)

PLATFORMS
  java

DEPENDENCIES
  minitest
